GEM
  remote: https://rubygems.org/
  specs:
    dxopal (1.6.0)
      rack (~> 2.0)
      thor (~> 0.20)
    ifchanged (1.0.1)
    rack (2.2.10)
    thor (0.20.3)
    webrick (1.9.1)

PLATFORMS
  x86_64-linux

DEPENDENCIES
  dxopal
  ifchanged
  webrick

BUNDLED WITH
   2.2.22
